{
    "Modality": "MR",
    "MagneticFieldStrength": 3,
    "ImagingFrequency": 123.228,
    "Manufacturer": "Siemens",
    "ManufacturersModelName": "Prisma",
    "InstitutionName": "Bender Institute of Neuroimaging",
    "InstitutionalDepartmentName": "Department",
    "InstitutionAddress": "Otto-Behaghel-Str. 10,Giessen,Frankfurt,DE,35394",
    "DeviceSerialNumber": "66004",
    "StationName": "AWP66004",
    "SeriesInstanceUID": "1.3.12.2.1107.5.2.43.66004.2025032716101838149043204.0.0.0",
    "StudyInstanceUID": "1.3.12.2.1107.5.2.43.66004.30000025032709354912000000004",
    "StudyID": "1",
    "BodyPartExamined": "BRAIN",
    "PatientPosition": "HFS",
    "ProcedureStepDescription": "Projekte^0256ME",
    "SoftwareVersions": "syngo MR E11",
    "MRAcquisitionType": "2D",
    "SeriesDescription": "dynamic_ep2d_bold_p4_2.2mm_iso_TR1850",
    "ProtocolName": "dynamic_ep2d_bold_p4_2.2mm_iso_TR1850",
    "ScanningSequence": "EP",
    "SequenceVariant": "SK",
    "ScanOptions": "FS",
    "SequenceName": "*epfid2d1_100",
    "ImageType": [
        "ORIGINAL",
        "PRIMARY",
        "M",
        "ND",
        "NORM",
        "MOSAIC"
    ],
    "NonlinearGradientCorrection": false,
    "SeriesNumber": 8,
    "AcquisitionTime": "16:10:34.367500",
    "AcquisitionDateTime": "2025-03-27T16:10:34.367500",
    "AcquisitionNumber": 1,
    "SliceThickness": 2.2,
    "SpacingBetweenSlices": 2.64,
    "SAR": 0.0409556,
    "EchoTime": 0.03,
    "RepetitionTime": 1.85,
    "FlipAngle": 75,
    "PartialFourier": 1,
    "BaseResolution": 100,
    "ShimSetting": [
        -2866,
        5344,
        -1310,
        504,
        42,
        -315,
        -86,
        115
    ],
    "TxRefAmp": 214.406,
    "PhaseResolution": 1,
    "ReceiveCoilName": "HeadNeck_64",
    "ReceiveCoilActiveElements": "HC1-7",
    "PulseSequenceDetails": "%SiemensSeq%\\ep2d_bold",
    "RefLinesPE": 24,
    "CoilCombinationMethod": "Sum of Squares",
    "ConsistencyInfo": "N4_VE11C_LATEST_20160120",
    "MultibandAccelerationFactor": 2,
    "PercentPhaseFOV": 100,
    "PercentSampling": 100,
    "EchoTrainLength": 49,
    "PhaseEncodingSteps": 99,
    "AcquisitionMatrixPE": 100,
    "ReconMatrixPE": 100,
    "BandwidthPerPixelPhaseEncode": 31.25,
    "ParallelReductionFactorInPlane": 2,
    "EffectiveEchoSpacing": 0.00032,
    "DerivedVendorReportedEchoSpacing": 0.00064,
    "TotalReadoutTime": 0.03168,
    "PixelBandwidth": 1785,
    "DwellTime": 2.8e-06,
    "PhaseEncodingDirection": "j-",
    "SliceTiming": [
        1.765,
        1.7025,
        1.64,
        1.5775,
        1.5125,
        1.45,
        1.3875,
        1.325,
        1.26,
        1.1975,
        1.135,
        1.0725,
        1.0075,
        0.945,
        0.8825,
        0.82,
        0.755,
        0.6925,
        0.63,
        0.5675,
        0.505,
        0.44,
        0.3775,
        0.315,
        0.2525,
        0.1875,
        0.125,
        0.0625,
        0,
        1.765,
        1.7025,
        1.64,
        1.5775,
        1.5125,
        1.45,
        1.3875,
        1.325,
        1.26,
        1.1975,
        1.135,
        1.0725,
        1.0075,
        0.945,
        0.8825,
        0.82,
        0.755,
        0.6925,
        0.63,
        0.5675,
        0.505,
        0.44,
        0.3775,
        0.315,
        0.2525,
        0.1875,
        0.125,
        0.0625,
        0
    ],
    "ImageOrientationPatientDICOM": [
        0.997303,
        -0.00942533,
        -0.0727918,
        0.00661443,
        0.999227,
        -0.0387606
    ],
    "ImageOrientationText": "Tra>Sag(-4.2)>Cor(-2.2)",
    "InPlanePhaseEncodingDirectionDICOM": "COL",
    "ConversionSoftware": "dcm2niix",
    "ConversionSoftwareVersion": "v1.0.20220720",
    "FoV": "FoV 1760*1760",
    "Tilt": "Tra>Sag(-4.2)>Cor(-2.2)",
    "PixelSpacing": "[2.2000000476837, 2.2000000476837]",
    "AcquisitionMatrixText": "100*100",
    "SeriesDate": "20250327",
    "SeriesTime": "161118.620000",
    "SeriesDateTime": "2025-03-27T16:11:18.620000",
    "NumberOfVolumesDiscardedByScanner": 3,
    "TaskName": "localizer",
    "NumberOfVolumes": 390,
    "VoxelSize": 10.64800046157822,
    "ScanDurationSeconds": 721.5,
    "NumberOfSlices": 58,
    "ScanDurationMinutes": 12.025,
    "BIDSFile": "sub-108xxxx_task-localizer_bold"
}