{
    "Modality": "MR",
    "MagneticFieldStrength": 3,
    "ImagingFrequency": 123.228,
    "Manufacturer": "Siemens",
    "ManufacturersModelName": "Prisma",
    "InstitutionName": "Bender Institute of Neuroimaging",
    "InstitutionalDepartmentName": "Department",
    "InstitutionAddress": "Otto-Behaghel-Str. 10,Giessen,Frankfurt,DE,35394",
    "DeviceSerialNumber": "66004",
    "StationName": "AWP66004",
    "SeriesInstanceUID": "1.3.12.2.1107.5.2.43.66004.2025041710513498762024846.0.0.0",
    "StudyInstanceUID": "1.3.12.2.1107.5.2.43.66004.30000025041707312875800000004",
    "StudyID": "1",
    "BodyPartExamined": "BRAIN",
    "PatientPosition": "HFS",
    "ProcedureStepDescription": "Projekte^0256ME",
    "SoftwareVersions": "syngo MR E11",
    "MRAcquisitionType": "3D",
    "SeriesDescription": "t1_mprage_sag_p3_iso_FatSup",
    "ProtocolName": "t1_mprage_sag_p3_iso_FatSup",
    "ScanningSequence": "GR\\IR",
    "SequenceVariant": "SK\\SP\\MP\\OSP",
    "ScanOptions": "IR\\WE",
    "SequenceName": "*tfl3d1_16ns",
    "ImageType": [
        "ORIGINAL",
        "PRIMARY",
        "M",
        "ND",
        "NORM"
    ],
    "NonlinearGradientCorrection": false,
    "SeriesNumber": 5,
    "AcquisitionTime": "10:51:36.670000",
    "AcquisitionDateTime": "2025-04-17T10:51:36.670000",
    "AcquisitionNumber": 1,
    "SliceThickness": 0.94,
    "SAR": 0.0515231,
    "EchoTime": 0.00353,
    "RepetitionTime": 1.88,
    "SpoilingState": true,
    "InversionTime": 0.949,
    "FlipAngle": 8,
    "PartialFourier": 1,
    "BaseResolution": 256,
    "ShimSetting": [
        -2871,
        5284,
        -1322,
        365,
        -57,
        -514,
        -14,
        93
    ],
    "TxRefAmp": 255.387,
    "PhaseResolution": 1,
    "PhaseOversampling": 0.8,
    "ReceiveCoilName": "HeadNeck_64",
    "ReceiveCoilActiveElements": "HC1-7",
    "PulseSequenceDetails": "%SiemensSeq%\\tfl",
    "RefLinesPE": 24,
    "CoilCombinationMethod": "Adaptive Combine",
    "ConsistencyInfo": "N4_VE11C_LATEST_20160120",
    "MatrixCoilMode": "GRAPPA",
    "PercentPhaseFOV": 100,
    "PercentSampling": 100,
    "PhaseEncodingSteps": 459,
    "AcquisitionMatrixPE": 256,
    "ReconMatrixPE": 256,
    "ParallelReductionFactorInPlane": 3,
    "PixelBandwidth": 200,
    "DwellTime": 9.8e-06,
    "ImageOrientationPatientDICOM": [
        -0.0713189,
        0.996333,
        -0.047258,
        -0.0276181,
        -0.049333,
        -0.9984
    ],
    "ImageOrientationText": "Sag>Cor(-4.0)>Tra(1.8)",
    "InPlanePhaseEncodingDirectionDICOM": "ROW",
    "ConversionSoftware": "dcm2niix",
    "ConversionSoftwareVersion": "v1.0.20220720",
    "FoV": "FoV 240*240",
    "Tilt": "Sag>Cor(-4.0)>Tra(1.8)",
    "PixelSpacing": "[0.9375, 0.9375]",
    "AcquisitionMatrixText": "256*256",
    "SeriesDate": "20250417",
    "SeriesTime": "105708.409000",
    "SeriesDateTime": "2025-04-17T10:57:08.409000",
    "NumberOfVolumes": 1,
    "VoxelSize": 0.826171875,
    "ScanDurationSeconds": 330.88,
    "ScanDurationMinutes": 5.514666666666667,
    "BIDSFile": "sub-113xxxx_T1w"
}