{
    "Modality": "MR",
    "MagneticFieldStrength": 3,
    "ImagingFrequency": 123.228,
    "Manufacturer": "Siemens",
    "ManufacturersModelName": "Prisma",
    "InstitutionName": "Bender Institute of Neuroimaging",
    "InstitutionalDepartmentName": "Department",
    "InstitutionAddress": "Otto-Behaghel-Str. 10,Giessen,Frankfurt,DE,35394",
    "DeviceSerialNumber": "66004",
    "StationName": "AWP66004",
    "SeriesInstanceUID": "1.3.12.2.1107.5.2.43.66004.2025050515511312274492195.0.0.0",
    "StudyInstanceUID": "1.3.12.2.1107.5.2.43.66004.30000025050506362160500000013",
    "StudyID": "1",
    "BodyPartExamined": "BRAIN",
    "PatientPosition": "HFS",
    "ProcedureStepDescription": "Projekte^0256ME",
    "SoftwareVersions": "syngo MR E11",
    "MRAcquisitionType": "2D",
    "SeriesDescription": "gre_field_mapping",
    "ProtocolName": "gre_field_mapping",
    "ScanningSequence": "GR",
    "SequenceVariant": "SP",
    "SequenceName": "*fm2d2r",
    "ImageType": [
        "ORIGINAL",
        "PRIMARY",
        "M",
        "ND",
        "NORM"
    ],
    "NonlinearGradientCorrection": false,
    "SeriesNumber": 6,
    "AcquisitionTime": "15:51:15.685000",
    "AcquisitionDateTime": "2025-05-05T15:51:15.685000",
    "AcquisitionNumber": 1,
    "SliceThickness": 3,
    "SpacingBetweenSlices": 3.75,
    "SAR": 0.100064,
    "EchoNumber": 2,
    "EchoTime": 0.00738,
    "RepetitionTime": 0.424,
    "FlipAngle": 60,
    "PartialFourier": 1,
    "BaseResolution": 72,
    "ShimSetting": [
        -2802,
        5289,
        -1472,
        668,
        240,
        -912,
        -909,
        181
    ],
    "TxRefAmp": 243.34,
    "PhaseResolution": 1,
    "ReceiveCoilName": "HeadNeck_64",
    "ReceiveCoilActiveElements": "HC1-7",
    "PulseSequenceDetails": "%SiemensSeq%\\gre_field_mapping",
    "CoilCombinationMethod": "Sum of Squares",
    "ConsistencyInfo": "N4_VE11C_LATEST_20160120",
    "MatrixCoilMode": "SENSE",
    "MultibandAccelerationFactor": 2,
    "PercentPhaseFOV": 100,
    "PercentSampling": 100,
    "PhaseEncodingSteps": 72,
    "AcquisitionMatrixPE": 72,
    "ReconMatrixPE": 72,
    "PixelBandwidth": 290,
    "DwellTime": 2.39e-05,
    "PhaseEncodingDirection": "j-",
    "SliceTiming": [
        0.21875,
        0,
        0.21875,
        0.01562,
        0.23438,
        0.03125,
        0.25,
        0.03125,
        0.26562,
        0.04688,
        0.26562,
        0.0625,
        0.28125,
        0.0625,
        0.29688,
        0.07812,
        0.29688,
        0.09375,
        0.3125,
        0.09375,
        0.32812,
        0.10938,
        0.32812,
        0.125,
        0.34375,
        0.125,
        0.35938,
        0.14062,
        0.35938,
        0.15625,
        0.375,
        0.15625,
        0.39062,
        0.17188,
        0.39062,
        0.1875,
        0.40625,
        0.1875,
        0.42188,
        0.20312
    ],
    "ImageOrientationPatientDICOM": [
        0.988351,
        -0.148175,
        0.0347225,
        0.151592,
        0.9787,
        -0.138445
    ],
    "ImageOrientationText": "Tra>Cor(-8.2)>Sag(0.8)",
    "InPlanePhaseEncodingDirectionDICOM": "COL",
    "ConversionSoftware": "dcm2niix",
    "ConversionSoftwareVersion": "v1.0.20220720",
    "FoV": "FoV 221*221",
    "Tilt": "Tra>Cor(-8.2)>Sag(0.8)",
    "PixelSpacing": "[3.0833332538605, 3.0833332538605]",
    "AcquisitionMatrixText": "72*72",
    "SeriesDate": "20250505",
    "SeriesTime": "155216.718000",
    "SeriesDateTime": "2025-05-05T15:52:16.718000",
    "IntendedFor": [
        "func/sub-118xxxx_task-scenes_run-1_bold.nii",
        "func/sub-118xxxx_task-scenes_run-2_bold.nii",
        "func/sub-118xxxx_task-scenes_run-3_bold.nii",
        "func/sub-118xxxx_task-scenes_run-4_bold.nii",
        "func/sub-118xxxx_task-scenes_run-5_bold.nii"
    ],
    "NumberOfVolumes": 1,
    "VoxelSize": 28.52083186308593,
    "ScanDurationSeconds": 16.96,
    "NumberOfSlices": 40,
    "ScanDurationMinutes": 0.2826666666666667,
    "BIDSFile": "sub-118xxxx_magnitude2"
}