{
    "Modality": "MR",
    "MagneticFieldStrength": 3,
    "ImagingFrequency": 123.228,
    "Manufacturer": "Siemens",
    "ManufacturersModelName": "Prisma",
    "InstitutionName": "Bender Institute of Neuroimaging",
    "InstitutionalDepartmentName": "Department",
    "InstitutionAddress": "Otto-Behaghel-Str. 10,Giessen,Frankfurt,DE,35394",
    "DeviceSerialNumber": "66004",
    "StationName": "AWP66004",
    "SeriesInstanceUID": "1.3.12.2.1107.5.2.43.66004.2025031710534792835302863.0.0.0",
    "StudyInstanceUID": "1.3.12.2.1107.5.2.43.66004.30000025031709182744400000004",
    "StudyID": "1",
    "BodyPartExamined": "BRAIN",
    "PatientPosition": "HFS",
    "ProcedureStepDescription": "Projekte^0256ME",
    "SoftwareVersions": "syngo MR E11",
    "MRAcquisitionType": "2D",
    "SeriesDescription": "gre_field_mapping",
    "ProtocolName": "gre_field_mapping",
    "ScanningSequence": "GR",
    "SequenceVariant": "SP",
    "SequenceName": "*fm2d2r",
    "ImageType": [
        "ORIGINAL",
        "PRIMARY",
        "P",
        "ND",
        "PHASE"
    ],
    "NonlinearGradientCorrection": false,
    "SeriesNumber": 7,
    "AcquisitionTime": "10:53:50.462500",
    "AcquisitionDateTime": "2025-03-17T10:53:50.462500",
    "AcquisitionNumber": 1,
    "SliceThickness": 3,
    "SpacingBetweenSlices": 3.75,
    "SAR": 0.0964759,
    "EchoNumber": 2,
    "EchoTime": 0.00738,
    "RepetitionTime": 0.424,
    "FlipAngle": 60,
    "EchoTime1": 0.00492,
    "EchoTime2": 0.00738,
    "PartialFourier": 1,
    "BaseResolution": 72,
    "ShimSetting": [
        -2841,
        5355,
        -1302,
        575,
        -1,
        -304,
        -39,
        70
    ],
    "TxRefAmp": 219.049,
    "PhaseResolution": 1,
    "ReceiveCoilName": "HeadNeck_64",
    "ReceiveCoilActiveElements": "HC1-7",
    "PulseSequenceDetails": "%SiemensSeq%\\gre_field_mapping",
    "CoilCombinationMethod": "Sum of Squares",
    "ConsistencyInfo": "N4_VE11C_LATEST_20160120",
    "MatrixCoilMode": "SENSE",
    "PercentPhaseFOV": 100,
    "PercentSampling": 100,
    "PhaseEncodingSteps": 72,
    "AcquisitionMatrixPE": 72,
    "ReconMatrixPE": 72,
    "PixelBandwidth": 290,
    "DwellTime": 2.39e-05,
    "PhaseEncodingDirection": "j-",
    "SliceTiming": [
        0.21094,
        0,
        0.21875,
        0.01562,
        0.23438,
        0.02344,
        0.24219,
        0.03125,
        0.25781,
        0.03906,
        0.26562,
        0.05469,
        0.28125,
        0.0625,
        0.28906,
        0.07812,
        0.29688,
        0.08594,
        0.30469,
        0.09375,
        0.32031,
        0.10938,
        0.32812,
        0.11719,
        0.34375,
        0.125,
        0.35156,
        0.14062,
        0.35938,
        0.14844,
        0.375,
        0.15625,
        0.38281,
        0.17188,
        0.39062,
        0.17969,
        0.40625,
        0.19531,
        0.41406,
        0.20312
    ],
    "ImageOrientationPatientDICOM": [
        0.999766,
        -0.00634787,
        -0.0206833,
        0.00488583,
        0.997536,
        -0.0699857
    ],
    "ImageOrientationText": "Tra>Cor(-4.0)>Sag(-1.2)",
    "InPlanePhaseEncodingDirectionDICOM": "COL",
    "ConversionSoftware": "dcm2niix",
    "ConversionSoftwareVersion": "v1.0.20220720",
    "FoV": "FoV 221*221",
    "Tilt": "Tra>Cor(-4.0)>Sag(-1.2)",
    "PixelSpacing": "[3.0833332538605, 3.0833332538605]",
    "AcquisitionMatrixText": "72*72",
    "SeriesDate": "20250317",
    "SeriesTime": "105451.727000",
    "SeriesDateTime": "2025-03-17T10:54:51.727000",
    "IntendedFor": [
        "func/sub-102xxxx_task-scenes_run-10_bold.nii",
        "func/sub-102xxxx_task-scenes_run-11_bold.nii",
        "func/sub-102xxxx_task-scenes_run-12_bold.nii",
        "func/sub-102xxxx_task-scenes_run-1_bold.nii",
        "func/sub-102xxxx_task-scenes_run-2_bold.nii",
        "func/sub-102xxxx_task-scenes_run-3_bold.nii",
        "func/sub-102xxxx_task-scenes_run-4_bold.nii",
        "func/sub-102xxxx_task-scenes_run-5_bold.nii",
        "func/sub-102xxxx_task-scenes_run-6_bold.nii",
        "func/sub-102xxxx_task-scenes_run-7_bold.nii",
        "func/sub-102xxxx_task-scenes_run-8_bold.nii",
        "func/sub-102xxxx_task-scenes_run-9_bold.nii"
    ],
    "NumberOfVolumes": 1,
    "VoxelSize": 28.52083186308593,
    "ScanDurationSeconds": 16.96,
    "NumberOfSlices": 40,
    "ScanDurationMinutes": 0.2826666666666667,
    "BIDSFile": "sub-102xxxx_phasediff"
}