{
    "Modality": "MR",
    "MagneticFieldStrength": 3,
    "ImagingFrequency": 123.215,
    "Manufacturer": "Siemens",
    "ManufacturersModelName": "Prisma",
    "InstitutionName": "Bender Institute of Neuroimaging",
    "InstitutionalDepartmentName": "Department",
    "InstitutionAddress": "Otto-Behaghel-Str. 10,Giessen,Frankfurt,DE,35394",
    "DeviceSerialNumber": "66004",
    "StationName": "AWP66004",
    "SeriesInstanceUID": "1.3.12.2.1107.5.2.43.66004.2025062613023673408605853.0.0.0",
    "StudyInstanceUID": "1.3.12.2.1107.5.2.43.66004.30000025062606534453300000004",
    "StudyID": "1",
    "BodyPartExamined": "BRAIN",
    "PatientPosition": "HFS",
    "ProcedureStepDescription": "Projekte^0256ME",
    "SoftwareVersions": "syngo MR E11",
    "MRAcquisitionType": "2D",
    "SeriesDescription": "ep2d_bold_p4_2.2mm_iso_TR1850_exp",
    "ProtocolName": "ep2d_bold_p4_2.2mm_iso_TR1850_exp",
    "ScanningSequence": "EP",
    "SequenceVariant": "SK",
    "ScanOptions": "FS",
    "SequenceName": "*epfid2d1_100",
    "ImageType": [
        "ORIGINAL",
        "PRIMARY",
        "M",
        "ND",
        "NORM",
        "MOSAIC"
    ],
    "NonlinearGradientCorrection": false,
    "SeriesNumber": 20,
    "AcquisitionTime": "13:02:54.692500",
    "AcquisitionDateTime": "2025-06-26T13:02:54.692500",
    "AcquisitionNumber": 1,
    "SliceThickness": 2.2,
    "SpacingBetweenSlices": 2.64,
    "SAR": 0.0453866,
    "EchoTime": 0.03,
    "RepetitionTime": 1.85,
    "FlipAngle": 75,
    "PartialFourier": 1,
    "BaseResolution": 100,
    "ShimSetting": [
        -2864,
        5352,
        -1378,
        323,
        32,
        -261,
        -95,
        34
    ],
    "TxRefAmp": 228.551,
    "PhaseResolution": 1,
    "ReceiveCoilName": "HeadNeck_64",
    "ReceiveCoilActiveElements": "HC1-7;NC1",
    "PulseSequenceDetails": "%SiemensSeq%\\ep2d_bold",
    "RefLinesPE": 24,
    "CoilCombinationMethod": "Sum of Squares",
    "ConsistencyInfo": "N4_VE11C_LATEST_20160120",
    "MultibandAccelerationFactor": 2,
    "PercentPhaseFOV": 100,
    "PercentSampling": 100,
    "EchoTrainLength": 49,
    "PhaseEncodingSteps": 99,
    "AcquisitionMatrixPE": 100,
    "ReconMatrixPE": 100,
    "BandwidthPerPixelPhaseEncode": 31.25,
    "ParallelReductionFactorInPlane": 2,
    "EffectiveEchoSpacing": 0.00032,
    "DerivedVendorReportedEchoSpacing": 0.00064,
    "TotalReadoutTime": 0.03168,
    "PixelBandwidth": 1785,
    "DwellTime": 2.8e-06,
    "PhaseEncodingDirection": "j-",
    "SliceTiming": [
        1.7675,
        1.705,
        1.6425,
        1.5775,
        1.515,
        1.4525,
        1.39,
        1.325,
        1.2625,
        1.2,
        1.1375,
        1.0725,
        1.01,
        0.9475,
        0.885,
        0.82,
        0.7575,
        0.695,
        0.6325,
        0.5675,
        0.505,
        0.4425,
        0.38,
        0.3175,
        0.2525,
        0.19,
        0.1275,
        0.065,
        0,
        1.7675,
        1.705,
        1.6425,
        1.5775,
        1.515,
        1.4525,
        1.39,
        1.325,
        1.2625,
        1.2,
        1.1375,
        1.0725,
        1.01,
        0.9475,
        0.885,
        0.82,
        0.7575,
        0.695,
        0.6325,
        0.5675,
        0.505,
        0.4425,
        0.38,
        0.3175,
        0.2525,
        0.19,
        0.1275,
        0.065,
        0
    ],
    "ImageOrientationPatientDICOM": [
        0.997718,
        -0.0673539,
        -0.00478402,
        0.0666182,
        0.99343,
        -0.0930534
    ],
    "ImageOrientationText": "Tra>Cor(-5.3)>Sag(-0.6)",
    "InPlanePhaseEncodingDirectionDICOM": "COL",
    "ConversionSoftware": "dcm2niix",
    "ConversionSoftwareVersion": "v1.0.20220720",
    "FoV": "FoV 1760*1760",
    "Tilt": "Tra>Cor(-5.3)>Sag(-0.6)",
    "PixelSpacing": "[2.2000000476837, 2.2000000476837]",
    "AcquisitionMatrixText": "100*100",
    "SeriesDate": "20250626",
    "SeriesTime": "130336.071000",
    "SeriesDateTime": "2025-06-26T13:03:36.071000",
    "NumberOfVolumesDiscardedByScanner": 3,
    "TaskName": "scenes",
    "NumberOfVolumes": 188,
    "VoxelSize": 10.64800046157822,
    "ScanDurationSeconds": 347.8,
    "NumberOfSlices": 58,
    "ScanDurationMinutes": 5.796666666666667,
    "BIDSFile": "sub-130xxxx_task-scenes_run-12_bold"
}