{
    "Modality": "MR",
    "MagneticFieldStrength": 3,
    "ImagingFrequency": 123.228,
    "Manufacturer": "Siemens",
    "ManufacturersModelName": "Prisma",
    "InstitutionName": "Bender Institute of Neuroimaging",
    "InstitutionalDepartmentName": "Department",
    "InstitutionAddress": "Otto-Behaghel-Str. 10,Giessen,Frankfurt,DE,35394",
    "DeviceSerialNumber": "66004",
    "StationName": "AWP66004",
    "SeriesInstanceUID": "1.3.12.2.1107.5.2.43.66004.2025032611093988218581223.0.0.0",
    "StudyInstanceUID": "1.3.12.2.1107.5.2.43.66004.30000025032607504988200000004",
    "StudyID": "1",
    "BodyPartExamined": "BRAIN",
    "PatientPosition": "HFS",
    "ProcedureStepDescription": "Projekte^0256ME",
    "SoftwareVersions": "syngo MR E11",
    "MRAcquisitionType": "3D",
    "SeriesDescription": "t1_mprage_sag_p3_iso_FatSup",
    "ProtocolName": "t1_mprage_sag_p3_iso_FatSup",
    "ScanningSequence": "GR\\IR",
    "SequenceVariant": "SK\\SP\\MP\\OSP",
    "ScanOptions": "IR\\WE",
    "SequenceName": "*tfl3d1_16ns",
    "ImageType": [
        "ORIGINAL",
        "PRIMARY",
        "M",
        "ND",
        "NORM"
    ],
    "NonlinearGradientCorrection": false,
    "SeriesNumber": 5,
    "AcquisitionTime": "11:09:41.687500",
    "AcquisitionDateTime": "2025-03-26T11:09:41.687500",
    "AcquisitionNumber": 1,
    "SliceThickness": 0.94,
    "SAR": 0.0397887,
    "EchoTime": 0.00353,
    "RepetitionTime": 1.88,
    "SpoilingState": true,
    "InversionTime": 0.949,
    "FlipAngle": 8,
    "PartialFourier": 1,
    "BaseResolution": 256,
    "ShimSetting": [
        -2825,
        5212,
        -1209,
        717,
        38,
        -753,
        -440,
        123
    ],
    "TxRefAmp": 222.602,
    "PhaseResolution": 1,
    "PhaseOversampling": 0.8,
    "ReceiveCoilName": "HeadNeck_64",
    "ReceiveCoilActiveElements": "HC1-7",
    "PulseSequenceDetails": "%SiemensSeq%\\tfl",
    "RefLinesPE": 24,
    "CoilCombinationMethod": "Adaptive Combine",
    "ConsistencyInfo": "N4_VE11C_LATEST_20160120",
    "MatrixCoilMode": "GRAPPA",
    "PercentPhaseFOV": 100,
    "PercentSampling": 100,
    "PhaseEncodingSteps": 459,
    "AcquisitionMatrixPE": 256,
    "ReconMatrixPE": 256,
    "ParallelReductionFactorInPlane": 3,
    "PixelBandwidth": 200,
    "DwellTime": 9.8e-06,
    "ImageOrientationPatientDICOM": [
        -0.0364669,
        0.999307,
        0.00748913,
        -0.0649771,
        0.00510723,
        -0.997874
    ],
    "ImageOrientationText": "Sag>Tra(3.7)>Cor(-2.1)",
    "InPlanePhaseEncodingDirectionDICOM": "ROW",
    "ConversionSoftware": "dcm2niix",
    "ConversionSoftwareVersion": "v1.0.20220720",
    "FoV": "FoV 240*240",
    "Tilt": "Sag>Tra(3.7)>Cor(-2.1)",
    "PixelSpacing": "[0.9375, 0.9375]",
    "AcquisitionMatrixText": "256*256",
    "SeriesDate": "20250326",
    "SeriesTime": "111513.198000",
    "SeriesDateTime": "2025-03-26T11:15:13.198000",
    "NumberOfVolumes": 1,
    "VoxelSize": 0.826171875,
    "ScanDurationSeconds": 330.88,
    "ScanDurationMinutes": 5.514666666666667,
    "BIDSFile": "sub-105xxxx_T1w"
}