{
    "Modality": "MR",
    "MagneticFieldStrength": 3,
    "ImagingFrequency": 123.215,
    "Manufacturer": "Siemens",
    "ManufacturersModelName": "Prisma",
    "InstitutionName": "Bender Institute of Neuroimaging",
    "InstitutionalDepartmentName": "Department",
    "InstitutionAddress": "Otto-Behaghel-Str. 10,Giessen,Frankfurt,DE,35394",
    "DeviceSerialNumber": "66004",
    "StationName": "AWP66004",
    "SeriesInstanceUID": "1.3.12.2.1107.5.2.43.66004.2025061614084771684913976.0.0.0",
    "StudyInstanceUID": "1.3.12.2.1107.5.2.43.66004.30000025061606230945400000007",
    "StudyID": "1",
    "BodyPartExamined": "BRAIN",
    "PatientPosition": "HFS",
    "ProcedureStepDescription": "Projekte^0256ME",
    "SoftwareVersions": "syngo MR E11",
    "MRAcquisitionType": "2D",
    "SeriesDescription": "gre_field_mapping",
    "ProtocolName": "gre_field_mapping",
    "ScanningSequence": "GR",
    "SequenceVariant": "SP",
    "SequenceName": "*fm2d2r",
    "ImageType": [
        "ORIGINAL",
        "PRIMARY",
        "M",
        "ND",
        "NORM"
    ],
    "NonlinearGradientCorrection": false,
    "SeriesNumber": 6,
    "AcquisitionTime": "14:08:50.667500",
    "AcquisitionDateTime": "2025-06-16T14:08:50.667500",
    "AcquisitionNumber": 1,
    "SliceThickness": 3,
    "SpacingBetweenSlices": 3.75,
    "SAR": 0.103731,
    "EchoNumber": 2,
    "EchoTime": 0.00738,
    "RepetitionTime": 0.424,
    "FlipAngle": 60,
    "PartialFourier": 1,
    "BaseResolution": 72,
    "ShimSetting": [
        -2849,
        5288,
        -1296,
        392,
        89,
        -317,
        21,
        53
    ],
    "TxRefAmp": 223.062,
    "PhaseResolution": 1,
    "ReceiveCoilName": "HeadNeck_64",
    "ReceiveCoilActiveElements": "HC1-7",
    "PulseSequenceDetails": "%SiemensSeq%\\gre_field_mapping",
    "CoilCombinationMethod": "Sum of Squares",
    "ConsistencyInfo": "N4_VE11C_LATEST_20160120",
    "MatrixCoilMode": "SENSE",
    "MultibandAccelerationFactor": 2,
    "PercentPhaseFOV": 100,
    "PercentSampling": 100,
    "PhaseEncodingSteps": 72,
    "AcquisitionMatrixPE": 72,
    "ReconMatrixPE": 72,
    "PixelBandwidth": 290,
    "DwellTime": 2.39e-05,
    "PhaseEncodingDirection": "j-",
    "SliceTiming": [
        0.21875,
        0,
        0.21875,
        0.01562,
        0.23438,
        0.01562,
        0.25,
        0.03125,
        0.25,
        0.04688,
        0.26562,
        0.04688,
        0.28125,
        0.0625,
        0.28125,
        0.07812,
        0.29688,
        0.09375,
        0.3125,
        0.09375,
        0.3125,
        0.10938,
        0.32812,
        0.10938,
        0.34375,
        0.125,
        0.35938,
        0.14062,
        0.35938,
        0.15625,
        0.375,
        0.15625,
        0.375,
        0.17188,
        0.39062,
        0.1875,
        0.40625,
        0.1875,
        0.42188,
        0.20312
    ],
    "ImageOrientationPatientDICOM": [
        0.996437,
        -0.0649711,
        -0.0537746,
        0.0654847,
        0.997823,
        0.00784203
    ],
    "ImageOrientationText": "Tra>Sag(-3.0)>Cor(0.6)",
    "InPlanePhaseEncodingDirectionDICOM": "COL",
    "ConversionSoftware": "dcm2niix",
    "ConversionSoftwareVersion": "v1.0.20220720",
    "FoV": "FoV 221*221",
    "Tilt": "Tra>Sag(-3.0)>Cor(0.6)",
    "PixelSpacing": "[3.0833332538605, 3.0833332538605]",
    "AcquisitionMatrixText": "72*72",
    "SeriesDate": "20250616",
    "SeriesTime": "140951.293000",
    "SeriesDateTime": "2025-06-16T14:09:51.293000",
    "IntendedFor": [
        "func/sub-128xxxx_task-scenes_run-10_bold.nii",
        "func/sub-128xxxx_task-scenes_run-11_bold.nii",
        "func/sub-128xxxx_task-scenes_run-12_bold.nii",
        "func/sub-128xxxx_task-scenes_run-1_bold.nii",
        "func/sub-128xxxx_task-scenes_run-2_bold.nii",
        "func/sub-128xxxx_task-scenes_run-3_bold.nii",
        "func/sub-128xxxx_task-scenes_run-4_bold.nii",
        "func/sub-128xxxx_task-scenes_run-5_bold.nii",
        "func/sub-128xxxx_task-scenes_run-6_bold.nii",
        "func/sub-128xxxx_task-scenes_run-7_bold.nii",
        "func/sub-128xxxx_task-scenes_run-8_bold.nii",
        "func/sub-128xxxx_task-scenes_run-9_bold.nii"
    ],
    "NumberOfVolumes": 1,
    "VoxelSize": 28.52083186308593,
    "ScanDurationSeconds": 16.96,
    "NumberOfSlices": 40,
    "ScanDurationMinutes": 0.2826666666666667,
    "BIDSFile": "sub-128xxxx_magnitude2"
}