{
    "Modality": "MR",
    "MagneticFieldStrength": 3,
    "ImagingFrequency": 123.228,
    "Manufacturer": "Siemens",
    "ManufacturersModelName": "Prisma",
    "InstitutionName": "Bender Institute of Neuroimaging",
    "InstitutionalDepartmentName": "Department",
    "InstitutionAddress": "Otto-Behaghel-Str. 10,Giessen,Frankfurt,DE,35394",
    "DeviceSerialNumber": "66004",
    "StationName": "AWP66004",
    "SeriesInstanceUID": "1.3.12.2.1107.5.2.43.66004.202504141252097488372334.0.0.0",
    "StudyInstanceUID": "1.3.12.2.1107.5.2.43.66004.30000025041407490316000000004",
    "StudyID": "1",
    "BodyPartExamined": "BRAIN",
    "PatientPosition": "HFS",
    "ProcedureStepDescription": "Projekte^0256ME",
    "SoftwareVersions": "syngo MR E11",
    "MRAcquisitionType": "2D",
    "SeriesDescription": "gre_field_mapping",
    "ProtocolName": "gre_field_mapping",
    "ScanningSequence": "GR",
    "SequenceVariant": "SP",
    "SequenceName": "*fm2d2r",
    "ImageType": [
        "ORIGINAL",
        "PRIMARY",
        "P",
        "ND",
        "PHASE"
    ],
    "NonlinearGradientCorrection": false,
    "SeriesNumber": 7,
    "AcquisitionTime": "12:52:11.667500",
    "AcquisitionDateTime": "2025-04-14T12:52:11.667500",
    "AcquisitionNumber": 1,
    "SliceThickness": 3,
    "SpacingBetweenSlices": 3.75,
    "SAR": 0.112443,
    "EchoNumber": 2,
    "EchoTime": 0.00738,
    "RepetitionTime": 0.424,
    "FlipAngle": 60,
    "EchoTime1": 0.00492,
    "EchoTime2": 0.00738,
    "PartialFourier": 1,
    "BaseResolution": 72,
    "ShimSetting": [
        -2851,
        5336,
        -1332,
        392,
        3,
        -249,
        8,
        49
    ],
    "TxRefAmp": 239.901,
    "PhaseResolution": 1,
    "ReceiveCoilName": "HeadNeck_64",
    "ReceiveCoilActiveElements": "HC1-7",
    "PulseSequenceDetails": "%SiemensSeq%\\gre_field_mapping",
    "CoilCombinationMethod": "Sum of Squares",
    "ConsistencyInfo": "N4_VE11C_LATEST_20160120",
    "MatrixCoilMode": "SENSE",
    "PercentPhaseFOV": 100,
    "PercentSampling": 100,
    "PhaseEncodingSteps": 72,
    "AcquisitionMatrixPE": 72,
    "ReconMatrixPE": 72,
    "PixelBandwidth": 290,
    "DwellTime": 2.39e-05,
    "PhaseEncodingDirection": "j-",
    "SliceTiming": [
        0.20312,
        0,
        0.21875,
        0.00781,
        0.22656,
        0.01562,
        0.24219,
        0.02344,
        0.25,
        0.03906,
        0.25781,
        0.04688,
        0.27344,
        0.0625,
        0.28125,
        0.07031,
        0.28906,
        0.07812,
        0.30469,
        0.09375,
        0.3125,
        0.10156,
        0.32031,
        0.10938,
        0.33594,
        0.125,
        0.34375,
        0.13281,
        0.35938,
        0.14062,
        0.36719,
        0.15625,
        0.375,
        0.16406,
        0.38281,
        0.17969,
        0.39844,
        0.1875,
        0.40625,
        0.19531
    ],
    "ImageOrientationPatientDICOM": [
        0.999813,
        -0.0159805,
        -0.0108683,
        0.0158809,
        0.999832,
        -0.00919218
    ],
    "ImageOrientationText": "Tra>Sag(-0.6)>Cor(-0.5)",
    "InPlanePhaseEncodingDirectionDICOM": "COL",
    "ConversionSoftware": "dcm2niix",
    "ConversionSoftwareVersion": "v1.0.20220720",
    "FoV": "FoV 221*221",
    "Tilt": "Tra>Sag(-0.6)>Cor(-0.5)",
    "PixelSpacing": "[3.0833332538605, 3.0833332538605]",
    "AcquisitionMatrixText": "72*72",
    "SeriesDate": "20250414",
    "SeriesTime": "125312.928000",
    "SeriesDateTime": "2025-04-14T12:53:12.928000",
    "IntendedFor": [
        "func/sub-111xxxx_task-scenes_run-10_bold.nii",
        "func/sub-111xxxx_task-scenes_run-11_bold.nii",
        "func/sub-111xxxx_task-scenes_run-12_bold.nii",
        "func/sub-111xxxx_task-scenes_run-1_bold.nii",
        "func/sub-111xxxx_task-scenes_run-2_bold.nii",
        "func/sub-111xxxx_task-scenes_run-3_bold.nii",
        "func/sub-111xxxx_task-scenes_run-4_bold.nii",
        "func/sub-111xxxx_task-scenes_run-5_bold.nii",
        "func/sub-111xxxx_task-scenes_run-6_bold.nii",
        "func/sub-111xxxx_task-scenes_run-7_bold.nii",
        "func/sub-111xxxx_task-scenes_run-8_bold.nii",
        "func/sub-111xxxx_task-scenes_run-9_bold.nii"
    ],
    "NumberOfVolumes": 1,
    "VoxelSize": 28.52083186308593,
    "ScanDurationSeconds": 16.96,
    "NumberOfSlices": 40,
    "ScanDurationMinutes": 0.2826666666666667,
    "BIDSFile": "sub-111xxxx_run-1_phasediff"
}