{
    "Modality": "MR",
    "MagneticFieldStrength": 3,
    "ImagingFrequency": 123.228,
    "Manufacturer": "Siemens",
    "ManufacturersModelName": "Prisma",
    "InstitutionName": "Bender Institute of Neuroimaging",
    "InstitutionalDepartmentName": "Department",
    "InstitutionAddress": "Otto-Behaghel-Str. 10,Giessen,Frankfurt,DE,35394",
    "DeviceSerialNumber": "66004",
    "StationName": "AWP66004",
    "SeriesInstanceUID": "1.3.12.2.1107.5.2.43.66004.2025051914150321258507799.0.0.0",
    "StudyInstanceUID": "1.3.12.2.1107.5.2.43.66004.30000025051911333801700000007",
    "StudyID": "1",
    "BodyPartExamined": "BRAIN",
    "PatientPosition": "HFS",
    "ProcedureStepDescription": "Projekte^0256ME",
    "SoftwareVersions": "syngo MR E11",
    "MRAcquisitionType": "3D",
    "SeriesDescription": "t1_mprage_sag_p3_iso_FatSup",
    "ProtocolName": "t1_mprage_sag_p3_iso_FatSup",
    "ScanningSequence": "GR\\IR",
    "SequenceVariant": "SK\\SP\\MP\\OSP",
    "ScanOptions": "IR\\WE",
    "SequenceName": "*tfl3d1_16ns",
    "ImageType": [
        "ORIGINAL",
        "PRIMARY",
        "M",
        "ND",
        "NORM"
    ],
    "NonlinearGradientCorrection": false,
    "SeriesNumber": 9,
    "AcquisitionTime": "14:15:4.687500",
    "AcquisitionDateTime": "2025-05-19T14:15:4.687500",
    "AcquisitionNumber": 1,
    "SliceThickness": 0.94,
    "SAR": 0.0487736,
    "EchoTime": 0.00353,
    "RepetitionTime": 1.88,
    "SpoilingState": true,
    "InversionTime": 0.949,
    "FlipAngle": 8,
    "PartialFourier": 1,
    "BaseResolution": 256,
    "ShimSetting": [
        -2866,
        5239,
        -1304,
        375,
        -17,
        -381,
        55,
        38
    ],
    "TxRefAmp": 249.268,
    "PhaseResolution": 1,
    "PhaseOversampling": 0.8,
    "ReceiveCoilName": "HeadNeck_64",
    "ReceiveCoilActiveElements": "HC1-7",
    "PulseSequenceDetails": "%SiemensSeq%\\tfl",
    "RefLinesPE": 24,
    "CoilCombinationMethod": "Adaptive Combine",
    "ConsistencyInfo": "N4_VE11C_LATEST_20160120",
    "MatrixCoilMode": "GRAPPA",
    "PercentPhaseFOV": 100,
    "PercentSampling": 100,
    "PhaseEncodingSteps": 459,
    "AcquisitionMatrixPE": 256,
    "ReconMatrixPE": 256,
    "ParallelReductionFactorInPlane": 3,
    "PixelBandwidth": 200,
    "DwellTime": 9.8e-06,
    "ImageOrientationPatientDICOM": [
        0.00464216,
        0.995438,
        0.0953012,
        -0.0218034,
        0.0953803,
        -0.995202
    ],
    "ImageOrientationText": "Sag>Tra(1.3)>Cor(0.1)",
    "InPlanePhaseEncodingDirectionDICOM": "ROW",
    "ConversionSoftware": "dcm2niix",
    "ConversionSoftwareVersion": "v1.0.20220720",
    "FoV": "FoV 240*240",
    "Tilt": "Sag>Tra(1.3)>Cor(0.1)",
    "PixelSpacing": "[0.9375, 0.9375]",
    "AcquisitionMatrixText": "256*256",
    "SeriesDate": "20250519",
    "SeriesTime": "142034.235000",
    "SeriesDateTime": "2025-05-19T14:20:34.235000",
    "NumberOfVolumes": 1,
    "VoxelSize": 0.826171875,
    "ScanDurationSeconds": 330.88,
    "ScanDurationMinutes": 5.514666666666667,
    "BIDSFile": "sub-123xxxx_T1w"
}