{
    "Modality": "MR",
    "MagneticFieldStrength": 3,
    "ImagingFrequency": 123.228,
    "Manufacturer": "Siemens",
    "ManufacturersModelName": "Prisma",
    "InstitutionName": "Bender Institute of Neuroimaging",
    "InstitutionalDepartmentName": "Department",
    "InstitutionAddress": "Otto-Behaghel-Str. 10,Giessen,Frankfurt,DE,35394",
    "DeviceSerialNumber": "66004",
    "StationName": "AWP66004",
    "SeriesInstanceUID": "1.3.12.2.1107.5.2.43.66004.2025050812530633014373185.0.0.0",
    "StudyInstanceUID": "1.3.12.2.1107.5.2.43.66004.30000025050808102495800000004",
    "StudyID": "1",
    "BodyPartExamined": "BRAIN",
    "PatientPosition": "HFS",
    "ProcedureStepDescription": "Projekte^0256ME",
    "SoftwareVersions": "syngo MR E11",
    "MRAcquisitionType": "2D",
    "SeriesDescription": "dynamic_ep2d_bold_p4_2.2mm_iso_TR1850",
    "ProtocolName": "dynamic_ep2d_bold_p4_2.2mm_iso_TR1850",
    "ScanningSequence": "EP",
    "SequenceVariant": "SK",
    "ScanOptions": "FS",
    "SequenceName": "*epfid2d1_100",
    "ImageType": [
        "ORIGINAL",
        "PRIMARY",
        "M",
        "ND",
        "NORM",
        "MOSAIC"
    ],
    "NonlinearGradientCorrection": false,
    "SeriesNumber": 8,
    "AcquisitionTime": "12:53:22.235000",
    "AcquisitionDateTime": "2025-05-08T12:53:22.235000",
    "AcquisitionNumber": 1,
    "SliceThickness": 2.2,
    "SpacingBetweenSlices": 2.64,
    "SAR": 0.0529619,
    "EchoTime": 0.03,
    "RepetitionTime": 1.85,
    "FlipAngle": 75,
    "PartialFourier": 1,
    "BaseResolution": 100,
    "ShimSetting": [
        -2866,
        5315,
        -1320,
        282,
        -31,
        -424,
        -112,
        55
    ],
    "TxRefAmp": 227.194,
    "PhaseResolution": 1,
    "ReceiveCoilName": "HeadNeck_64",
    "ReceiveCoilActiveElements": "HC1-7;NC1",
    "PulseSequenceDetails": "%SiemensSeq%\\ep2d_bold",
    "RefLinesPE": 24,
    "CoilCombinationMethod": "Sum of Squares",
    "ConsistencyInfo": "N4_VE11C_LATEST_20160120",
    "MultibandAccelerationFactor": 2,
    "PercentPhaseFOV": 100,
    "PercentSampling": 100,
    "EchoTrainLength": 49,
    "PhaseEncodingSteps": 99,
    "AcquisitionMatrixPE": 100,
    "ReconMatrixPE": 100,
    "BandwidthPerPixelPhaseEncode": 31.25,
    "ParallelReductionFactorInPlane": 2,
    "EffectiveEchoSpacing": 0.00032,
    "DerivedVendorReportedEchoSpacing": 0.00064,
    "TotalReadoutTime": 0.03168,
    "PixelBandwidth": 1785,
    "DwellTime": 2.8e-06,
    "PhaseEncodingDirection": "j-",
    "SliceTiming": [
        1.7675,
        1.705,
        1.64,
        1.5775,
        1.515,
        1.4525,
        1.3875,
        1.325,
        1.2625,
        1.2,
        1.135,
        1.0725,
        1.01,
        0.9475,
        0.8825,
        0.82,
        0.7575,
        0.695,
        0.6325,
        0.5675,
        0.505,
        0.4425,
        0.38,
        0.315,
        0.2525,
        0.19,
        0.1275,
        0.0625,
        0,
        1.7675,
        1.705,
        1.64,
        1.5775,
        1.515,
        1.4525,
        1.3875,
        1.325,
        1.2625,
        1.2,
        1.135,
        1.0725,
        1.01,
        0.9475,
        0.8825,
        0.82,
        0.7575,
        0.695,
        0.6325,
        0.5675,
        0.505,
        0.4425,
        0.38,
        0.315,
        0.2525,
        0.19,
        0.1275,
        0.0625,
        0
    ],
    "ImageOrientationPatientDICOM": [
        0.999291,
        -0.0286476,
        0.0244402,
        0.0307056,
        0.995606,
        -0.0884657
    ],
    "ImageOrientationText": "Tra>Cor(-5.1)>Sag(1.2)",
    "InPlanePhaseEncodingDirectionDICOM": "COL",
    "ConversionSoftware": "dcm2niix",
    "ConversionSoftwareVersion": "v1.0.20220720",
    "FoV": "FoV 1760*1760",
    "Tilt": "Tra>Cor(-5.1)>Sag(1.2)",
    "PixelSpacing": "[2.2000000476837, 2.2000000476837]",
    "AcquisitionMatrixText": "100*100",
    "SeriesDate": "20250508",
    "SeriesTime": "125407.535000",
    "SeriesDateTime": "2025-05-08T12:54:07.535000",
    "NumberOfVolumesDiscardedByScanner": 3,
    "TaskName": "localizer",
    "NumberOfVolumes": 390,
    "VoxelSize": 10.64800046157822,
    "ScanDurationSeconds": 721.5,
    "NumberOfSlices": 58,
    "ScanDurationMinutes": 12.025,
    "BIDSFile": "sub-116xxxx_task-localizer_bold"
}