{
    "Modality": "MR",
    "MagneticFieldStrength": 3,
    "ImagingFrequency": 123.215,
    "Manufacturer": "Siemens",
    "ManufacturersModelName": "Prisma",
    "InstitutionName": "Bender Institute of Neuroimaging",
    "InstitutionalDepartmentName": "Department",
    "InstitutionAddress": "Otto-Behaghel-Str. 10,Giessen,Frankfurt,DE,35394",
    "DeviceSerialNumber": "66004",
    "StationName": "AWP66004",
    "SeriesInstanceUID": "1.3.12.2.1107.5.2.43.66004.2025062609220025498902148.0.0.0",
    "StudyInstanceUID": "1.3.12.2.1107.5.2.43.66004.30000025062606534453300000001",
    "StudyID": "1",
    "BodyPartExamined": "BRAIN",
    "PatientPosition": "HFS",
    "ProcedureStepDescription": "Projekte^0256ME",
    "SoftwareVersions": "syngo MR E11",
    "MRAcquisitionType": "3D",
    "SeriesDescription": "t1_mprage_sag_p3_iso_FatSup",
    "ProtocolName": "t1_mprage_sag_p3_iso_FatSup",
    "ScanningSequence": "GR\\IR",
    "SequenceVariant": "SK\\SP\\MP\\OSP",
    "ScanOptions": "IR\\WE",
    "SequenceName": "*tfl3d1_16ns",
    "ImageType": [
        "ORIGINAL",
        "PRIMARY",
        "M",
        "ND",
        "NORM"
    ],
    "NonlinearGradientCorrection": false,
    "SeriesNumber": 5,
    "AcquisitionTime": "09:22:1.692500",
    "AcquisitionDateTime": "2025-06-26T09:22:1.692500",
    "AcquisitionNumber": 1,
    "SliceThickness": 0.94,
    "SAR": 0.0467294,
    "EchoTime": 0.00353,
    "RepetitionTime": 1.88,
    "SpoilingState": true,
    "InversionTime": 0.949,
    "FlipAngle": 8,
    "PartialFourier": 1,
    "BaseResolution": 256,
    "ShimSetting": [
        -2863,
        5274,
        -1379,
        262,
        -29,
        -533,
        -94,
        32
    ],
    "TxRefAmp": 212.836,
    "PhaseResolution": 1,
    "PhaseOversampling": 0.8,
    "ReceiveCoilName": "HeadNeck_64",
    "ReceiveCoilActiveElements": "HC1-7",
    "PulseSequenceDetails": "%SiemensSeq%\\tfl",
    "RefLinesPE": 24,
    "CoilCombinationMethod": "Adaptive Combine",
    "ConsistencyInfo": "N4_VE11C_LATEST_20160120",
    "MatrixCoilMode": "GRAPPA",
    "PercentPhaseFOV": 100,
    "PercentSampling": 100,
    "PhaseEncodingSteps": 459,
    "AcquisitionMatrixPE": 256,
    "ReconMatrixPE": 256,
    "ParallelReductionFactorInPlane": 3,
    "PixelBandwidth": 200,
    "DwellTime": 9.8e-06,
    "ImageOrientationPatientDICOM": [
        -0.0177856,
        0.994341,
        0.104732,
        0.0507472,
        0.105511,
        -0.993122
    ],
    "ImageOrientationText": "Sag>Tra(-3.0)>Cor(-0.7)",
    "InPlanePhaseEncodingDirectionDICOM": "ROW",
    "ConversionSoftware": "dcm2niix",
    "ConversionSoftwareVersion": "v1.0.20220720",
    "FoV": "FoV 240*240",
    "Tilt": "Sag>Tra(-3.0)>Cor(-0.7)",
    "PixelSpacing": "[0.9375, 0.9375]",
    "AcquisitionMatrixText": "256*256",
    "SeriesDate": "20250626",
    "SeriesTime": "092733.817000",
    "SeriesDateTime": "2025-06-26T09:27:33.817000",
    "NumberOfVolumes": 1,
    "VoxelSize": 0.826171875,
    "ScanDurationSeconds": 330.88,
    "ScanDurationMinutes": 5.514666666666667,
    "BIDSFile": "sub-129xxxx_T1w"
}