{
    "Modality": "MR",
    "MagneticFieldStrength": 3,
    "ImagingFrequency": 123.228,
    "Manufacturer": "Siemens",
    "ManufacturersModelName": "Prisma",
    "InstitutionName": "Bender Institute of Neuroimaging",
    "InstitutionalDepartmentName": "Department",
    "InstitutionAddress": "Otto-Behaghel-Str. 10,Giessen,Frankfurt,DE,35394",
    "DeviceSerialNumber": "66004",
    "StationName": "AWP66004",
    "SeriesInstanceUID": "1.3.12.2.1107.5.2.43.66004.2025050810500684615402862.0.0.0",
    "StudyInstanceUID": "1.3.12.2.1107.5.2.43.66004.30000025050808102495800000001",
    "StudyID": "1",
    "BodyPartExamined": "BRAIN",
    "PatientPosition": "HFS",
    "ProcedureStepDescription": "Projekte^0256ME",
    "SoftwareVersions": "syngo MR E11",
    "MRAcquisitionType": "2D",
    "SeriesDescription": "gre_field_mapping",
    "ProtocolName": "gre_field_mapping",
    "ScanningSequence": "GR",
    "SequenceVariant": "SP",
    "SequenceName": "*fm2d2r",
    "ImageType": [
        "ORIGINAL",
        "PRIMARY",
        "M",
        "ND",
        "NORM"
    ],
    "NonlinearGradientCorrection": false,
    "SeriesNumber": 6,
    "AcquisitionTime": "10:50:9.235000",
    "AcquisitionDateTime": "2025-05-08T10:50:9.235000",
    "AcquisitionNumber": 1,
    "SliceThickness": 3,
    "SpacingBetweenSlices": 3.75,
    "SAR": 0.129725,
    "EchoNumber": 1,
    "EchoTime": 0.00492,
    "RepetitionTime": 0.424,
    "FlipAngle": 60,
    "PartialFourier": 1,
    "BaseResolution": 72,
    "ShimSetting": [
        -2872,
        5329,
        -1350,
        230,
        -52,
        -298,
        78,
        25
    ],
    "TxRefAmp": 266.521,
    "PhaseResolution": 1,
    "ReceiveCoilName": "HeadNeck_64",
    "ReceiveCoilActiveElements": "HC1-7",
    "PulseSequenceDetails": "%SiemensSeq%\\gre_field_mapping",
    "CoilCombinationMethod": "Sum of Squares",
    "ConsistencyInfo": "N4_VE11C_LATEST_20160120",
    "MatrixCoilMode": "SENSE",
    "PercentPhaseFOV": 100,
    "PercentSampling": 100,
    "PhaseEncodingSteps": 72,
    "AcquisitionMatrixPE": 72,
    "ReconMatrixPE": 72,
    "PixelBandwidth": 290,
    "DwellTime": 2.39e-05,
    "PhaseEncodingDirection": "j-",
    "SliceTiming": [
        0.21094,
        0,
        0.21875,
        0.00781,
        0.23438,
        0.01562,
        0.24219,
        0.03125,
        0.25781,
        0.03906,
        0.26562,
        0.05469,
        0.27344,
        0.0625,
        0.28125,
        0.07031,
        0.29688,
        0.08594,
        0.30469,
        0.09375,
        0.32031,
        0.10156,
        0.32812,
        0.11719,
        0.33594,
        0.125,
        0.35156,
        0.13281,
        0.35938,
        0.14844,
        0.36719,
        0.15625,
        0.38281,
        0.17188,
        0.39062,
        0.17969,
        0.39844,
        0.1875,
        0.41406,
        0.19531
    ],
    "ImageOrientationPatientDICOM": [
        0.998105,
        -0.0608283,
        -0.00923867,
        0.0613965,
        0.994448,
        0.0854562
    ],
    "ImageOrientationText": "Tra>Cor(4.9)>Sag(-0.2)",
    "InPlanePhaseEncodingDirectionDICOM": "COL",
    "ConversionSoftware": "dcm2niix",
    "ConversionSoftwareVersion": "v1.0.20220720",
    "FoV": "FoV 221*221",
    "Tilt": "Tra>Cor(4.9)>Sag(-0.2)",
    "PixelSpacing": "[3.0833332538605, 3.0833332538605]",
    "AcquisitionMatrixText": "72*72",
    "SeriesDate": "20250508",
    "SeriesTime": "105110.434000",
    "SeriesDateTime": "2025-05-08T10:51:10.434000",
    "IntendedFor": [
        "func/sub-115xxxx_task-scenes_run-10_bold.nii",
        "func/sub-115xxxx_task-scenes_run-11_bold.nii",
        "func/sub-115xxxx_task-scenes_run-12_bold.nii",
        "func/sub-115xxxx_task-scenes_run-1_bold.nii",
        "func/sub-115xxxx_task-scenes_run-2_bold.nii",
        "func/sub-115xxxx_task-scenes_run-3_bold.nii",
        "func/sub-115xxxx_task-scenes_run-4_bold.nii",
        "func/sub-115xxxx_task-scenes_run-5_bold.nii",
        "func/sub-115xxxx_task-scenes_run-6_bold.nii",
        "func/sub-115xxxx_task-scenes_run-7_bold.nii",
        "func/sub-115xxxx_task-scenes_run-8_bold.nii",
        "func/sub-115xxxx_task-scenes_run-9_bold.nii"
    ],
    "NumberOfVolumes": 1,
    "VoxelSize": 28.52083186308593,
    "ScanDurationSeconds": 16.96,
    "NumberOfSlices": 40,
    "ScanDurationMinutes": 0.2826666666666667,
    "BIDSFile": "sub-115xxxx_magnitude1"
}