{
    "Modality": "MR",
    "MagneticFieldStrength": 3,
    "ImagingFrequency": 123.215,
    "Manufacturer": "Siemens",
    "ManufacturersModelName": "Prisma",
    "InstitutionName": "Bender Institute of Neuroimaging",
    "InstitutionalDepartmentName": "Department",
    "InstitutionAddress": "Otto-Behaghel-Str. 10,Giessen,Frankfurt,DE,35394",
    "DeviceSerialNumber": "66004",
    "StationName": "AWP66004",
    "SeriesInstanceUID": "1.3.12.2.1107.5.2.43.66004.2025071610333950040402862.0.0.0",
    "StudyInstanceUID": "1.3.12.2.1107.5.2.43.66004.30000025071608045994900000001",
    "StudyID": "1",
    "BodyPartExamined": "BRAIN",
    "PatientPosition": "HFS",
    "ProcedureStepDescription": "Projekte^0256ME",
    "SoftwareVersions": "syngo MR E11",
    "MRAcquisitionType": "2D",
    "SeriesDescription": "gre_field_mapping",
    "ProtocolName": "gre_field_mapping",
    "ScanningSequence": "GR",
    "SequenceVariant": "SP",
    "SequenceName": "*fm2d2r",
    "ImageType": [
        "ORIGINAL",
        "PRIMARY",
        "M",
        "ND",
        "NORM"
    ],
    "NonlinearGradientCorrection": false,
    "SeriesNumber": 6,
    "AcquisitionTime": "10:33:41.245000",
    "AcquisitionDateTime": "2025-07-16T10:33:41.245000",
    "AcquisitionNumber": 1,
    "SliceThickness": 3,
    "SpacingBetweenSlices": 3.75,
    "SAR": 0.126757,
    "EchoNumber": 1,
    "EchoTime": 0.00492,
    "RepetitionTime": 0.424,
    "FlipAngle": 60,
    "PartialFourier": 1,
    "BaseResolution": 72,
    "ShimSetting": [
        -2865,
        5359,
        -1326,
        207,
        -3,
        -171,
        -41,
        65
    ],
    "TxRefAmp": 240.509,
    "PhaseResolution": 1,
    "ReceiveCoilName": "HeadNeck_64",
    "ReceiveCoilActiveElements": "HC1-7",
    "PulseSequenceDetails": "%SiemensSeq%\\gre_field_mapping",
    "CoilCombinationMethod": "Sum of Squares",
    "ConsistencyInfo": "N4_VE11C_LATEST_20160120",
    "MatrixCoilMode": "SENSE",
    "PercentPhaseFOV": 100,
    "PercentSampling": 100,
    "PhaseEncodingSteps": 72,
    "AcquisitionMatrixPE": 72,
    "ReconMatrixPE": 72,
    "PixelBandwidth": 290,
    "DwellTime": 2.39e-05,
    "PhaseEncodingDirection": "j-",
    "SliceTiming": [
        0.21094,
        0,
        0.22656,
        0.01562,
        0.23438,
        0.02344,
        0.25,
        0.03125,
        0.25781,
        0.04688,
        0.26562,
        0.05469,
        0.28125,
        0.0625,
        0.28906,
        0.07812,
        0.29688,
        0.08594,
        0.3125,
        0.10156,
        0.32031,
        0.10938,
        0.32812,
        0.11719,
        0.34375,
        0.125,
        0.35156,
        0.14062,
        0.36719,
        0.14844,
        0.375,
        0.16406,
        0.38281,
        0.17188,
        0.39062,
        0.17969,
        0.40625,
        0.19531,
        0.41406,
        0.20312
    ],
    "ImageOrientationPatientDICOM": [
        0.999285,
        -0.0334472,
        0.0176407,
        0.0357689,
        0.987422,
        -0.15401
    ],
    "ImageOrientationText": "Tra>Cor(-8.9)>Sag(0.7)",
    "InPlanePhaseEncodingDirectionDICOM": "COL",
    "ConversionSoftware": "dcm2niix",
    "ConversionSoftwareVersion": "v1.0.20220720",
    "FoV": "FoV 221*221",
    "Tilt": "Tra>Cor(-8.9)>Sag(0.7)",
    "PixelSpacing": "[3.0833332538605, 3.0833332538605]",
    "AcquisitionMatrixText": "72*72",
    "SeriesDate": "20250716",
    "SeriesTime": "103443.090000",
    "SeriesDateTime": "2025-07-16T10:34:43.090000",
    "IntendedFor": [
        "scenes"
    ],
    "NumberOfVolumes": 1,
    "VoxelSize": 28.52083186308593,
    "ScanDurationSeconds": 16.96,
    "NumberOfSlices": 40,
    "ScanDurationMinutes": 0.2826666666666667,
    "BIDSFile": "sub-131xxxx_run-1_magnitude1"
}