{
    "Modality": "MR",
    "MagneticFieldStrength": 3,
    "ImagingFrequency": 123.215,
    "Manufacturer": "Siemens",
    "ManufacturersModelName": "Prisma",
    "InstitutionName": "Bender Institute of Neuroimaging",
    "InstitutionAddress": "Otto-Behaghel-Str. 10,Giessen,Frankfurt,DE,35394",
    "DeviceSerialNumber": "66004",
    "StationName": "AWP66004",
    "SeriesInstanceUID": "1.3.12.2.1107.5.2.43.66004.2025072312041378815002148.0.0.0",
    "StudyInstanceUID": "1.3.12.2.1107.5.2.43.66004.30000025072309502542800000001",
    "StudyID": "1",
    "BodyPartExamined": "BRAIN",
    "PatientPosition": "HFS",
    "ProcedureStepDescription": "Projekte^0256ME",
    "SoftwareVersions": "syngo MR E11",
    "MRAcquisitionType": "3D",
    "SeriesDescription": "t1_mprage_sag_p3_iso_FatSup",
    "ProtocolName": "t1_mprage_sag_p3_iso_FatSup",
    "ScanningSequence": "GR\\IR",
    "SequenceVariant": "SK\\SP\\MP\\OSP",
    "ScanOptions": "IR\\WE",
    "SequenceName": "*tfl3d1_16ns",
    "ImageType": [
        "ORIGINAL",
        "PRIMARY",
        "M",
        "ND",
        "NORM"
    ],
    "NonlinearGradientCorrection": false,
    "SeriesNumber": 5,
    "AcquisitionTime": "12:04:15.667500",
    "AcquisitionDateTime": "2025-07-23T12:04:15.667500",
    "AcquisitionNumber": 1,
    "SliceThickness": 0.94,
    "SAR": 0.0397844,
    "EchoTime": 0.00353,
    "RepetitionTime": 1.88,
    "SpoilingState": true,
    "InversionTime": 0.949,
    "FlipAngle": 8,
    "PartialFourier": 1,
    "BaseResolution": 256,
    "ShimSetting": [
        -2867,
        5320,
        -1357,
        436,
        -80,
        -482,
        -32,
        9
    ],
    "TxRefAmp": 226.534,
    "PhaseResolution": 1,
    "PhaseOversampling": 0.8,
    "ReceiveCoilName": "HeadNeck_64",
    "ReceiveCoilActiveElements": "HC1-7",
    "PulseSequenceDetails": "%SiemensSeq%\\tfl",
    "RefLinesPE": 24,
    "CoilCombinationMethod": "Adaptive Combine",
    "ConsistencyInfo": "N4_VE11C_LATEST_20160120",
    "MatrixCoilMode": "GRAPPA",
    "PercentPhaseFOV": 100,
    "PercentSampling": 100,
    "PhaseEncodingSteps": 459,
    "AcquisitionMatrixPE": 256,
    "ReconMatrixPE": 256,
    "ParallelReductionFactorInPlane": 3,
    "PixelBandwidth": 200,
    "ImageOrientationPatientDICOM": [
        0.0101319,
        0.992734,
        -0.119904,
        0.11111,
        -0.120285,
        -0.986502
    ],
    "InPlanePhaseEncodingDirectionDICOM": "ROW",
    "ConversionSoftware": "dcm2niix",
    "ConversionSoftwareVersion": "v1.0.20220720",
    "PixelSpacing": "[0.9375, 0.9375]",
    "SeriesDate": "20250723",
    "SeriesTime": "120947.155000",
    "SeriesDateTime": "2025-07-23T12:09:47.155000",
    "NumberOfVolumes": 1,
    "VoxelSize": 0.826171875,
    "ScanDurationSeconds": 330.88,
    "ScanDurationMinutes": 5.514666666666667,
    "BIDSFile": "sub-133xxxx_T1w"
}