{
    "Modality": "MR",
    "MagneticFieldStrength": 3,
    "ImagingFrequency": 123.228,
    "Manufacturer": "Siemens",
    "ManufacturersModelName": "Prisma",
    "InstitutionName": "Bender Institute of Neuroimaging",
    "InstitutionalDepartmentName": "Department",
    "InstitutionAddress": "Otto-Behaghel-Str. 10,Giessen,Frankfurt,DE,35394",
    "DeviceSerialNumber": "66004",
    "StationName": "AWP66004",
    "SeriesInstanceUID": "1.3.12.2.1107.5.2.43.66004.2025032614215234388820184.0.0.0",
    "StudyInstanceUID": "1.3.12.2.1107.5.2.43.66004.30000025032607504988200000007",
    "StudyID": "1",
    "BodyPartExamined": "BRAIN",
    "PatientPosition": "HFS",
    "ProcedureStepDescription": "Projekte^0256ME",
    "SoftwareVersions": "syngo MR E11",
    "MRAcquisitionType": "2D",
    "SeriesDescription": "ep2d_bold_p4_2.2mm_iso_TR1850_exp",
    "ProtocolName": "ep2d_bold_p4_2.2mm_iso_TR1850_exp",
    "ScanningSequence": "EP",
    "SequenceVariant": "SK",
    "ScanOptions": "FS",
    "SequenceName": "*epfid2d1_100",
    "ImageType": [
        "ORIGINAL",
        "PRIMARY",
        "M",
        "ND",
        "NORM",
        "MOSAIC"
    ],
    "NonlinearGradientCorrection": false,
    "SeriesNumber": 12,
    "AcquisitionTime": "14:22:7.060000",
    "AcquisitionDateTime": "2025-03-26T14:22:7.060000",
    "AcquisitionNumber": 1,
    "SliceThickness": 2.2,
    "SpacingBetweenSlices": 2.64,
    "SAR": 0.0373433,
    "EchoTime": 0.03,
    "RepetitionTime": 1.85,
    "FlipAngle": 75,
    "PartialFourier": 1,
    "BaseResolution": 100,
    "ShimSetting": [
        -2858,
        5339,
        -1295,
        426,
        -52,
        -324,
        30,
        57
    ],
    "TxRefAmp": 211.808,
    "PhaseResolution": 1,
    "ReceiveCoilName": "HeadNeck_64",
    "ReceiveCoilActiveElements": "HC1-7",
    "PulseSequenceDetails": "%SiemensSeq%\\ep2d_bold",
    "RefLinesPE": 24,
    "CoilCombinationMethod": "Sum of Squares",
    "ConsistencyInfo": "N4_VE11C_LATEST_20160120",
    "MultibandAccelerationFactor": 2,
    "PercentPhaseFOV": 100,
    "PercentSampling": 100,
    "EchoTrainLength": 49,
    "PhaseEncodingSteps": 99,
    "AcquisitionMatrixPE": 100,
    "ReconMatrixPE": 100,
    "BandwidthPerPixelPhaseEncode": 31.25,
    "ParallelReductionFactorInPlane": 2,
    "EffectiveEchoSpacing": 0.00032,
    "DerivedVendorReportedEchoSpacing": 0.00064,
    "TotalReadoutTime": 0.03168,
    "PixelBandwidth": 1785,
    "DwellTime": 2.8e-06,
    "PhaseEncodingDirection": "j-",
    "SliceTiming": [
        1.765,
        1.7025,
        1.64,
        1.5775,
        1.5125,
        1.45,
        1.3875,
        1.325,
        1.26,
        1.1975,
        1.135,
        1.0725,
        1.0075,
        0.945,
        0.8825,
        0.82,
        0.755,
        0.6925,
        0.63,
        0.5675,
        0.5025,
        0.44,
        0.3775,
        0.315,
        0.2525,
        0.1875,
        0.125,
        0.0625,
        0,
        1.765,
        1.7025,
        1.64,
        1.5775,
        1.5125,
        1.45,
        1.3875,
        1.325,
        1.26,
        1.1975,
        1.135,
        1.0725,
        1.0075,
        0.945,
        0.8825,
        0.82,
        0.755,
        0.6925,
        0.63,
        0.5675,
        0.5025,
        0.44,
        0.3775,
        0.315,
        0.2525,
        0.1875,
        0.125,
        0.0625,
        0
    ],
    "ImageOrientationPatientDICOM": [
        0.999378,
        -0.00652445,
        0.0346593,
        0.00994253,
        0.995,
        -0.0993821
    ],
    "ImageOrientationText": "Tra>Cor(-5.7)>Sag(1.9)",
    "InPlanePhaseEncodingDirectionDICOM": "COL",
    "ConversionSoftware": "dcm2niix",
    "ConversionSoftwareVersion": "v1.0.20220720",
    "FoV": "FoV 1760*1760",
    "Tilt": "Tra>Cor(-5.7)>Sag(1.9)",
    "PixelSpacing": "[2.2000000476837, 2.2000000476837]",
    "AcquisitionMatrixText": "100*100",
    "SeriesDate": "20250326",
    "SeriesTime": "142214.591000",
    "SeriesDateTime": "2025-03-26T14:22:14.591000",
    "NumberOfVolumesDiscardedByScanner": 3,
    "TaskName": "scenes",
    "NumberOfVolumes": 188,
    "VoxelSize": 10.64800046157822,
    "ScanDurationSeconds": 347.8,
    "NumberOfSlices": 58,
    "ScanDurationMinutes": 5.796666666666667,
    "BIDSFile": "sub-107xxxx_task-scenes_run-4_bold"
}