{
    "Modality": "MR",
    "MagneticFieldStrength": 3,
    "ImagingFrequency": 123.228,
    "Manufacturer": "Siemens",
    "ManufacturersModelName": "Prisma",
    "InstitutionName": "Bender Institute of Neuroimaging",
    "InstitutionalDepartmentName": "Department",
    "InstitutionAddress": "Otto-Behaghel-Str. 10,Giessen,Frankfurt,DE,35394",
    "DeviceSerialNumber": "66004",
    "StationName": "AWP66004",
    "SeriesInstanceUID": "1.3.12.2.1107.5.2.43.66004.2025041710595110377726412.0.0.0",
    "StudyInstanceUID": "1.3.12.2.1107.5.2.43.66004.30000025041707312875800000004",
    "StudyID": "1",
    "BodyPartExamined": "BRAIN",
    "PatientPosition": "HFS",
    "ProcedureStepDescription": "Projekte^0256ME",
    "SoftwareVersions": "syngo MR E11",
    "MRAcquisitionType": "2D",
    "SeriesDescription": "dynamic_ep2d_bold_p4_2.2mm_iso_TR1850",
    "ProtocolName": "dynamic_ep2d_bold_p4_2.2mm_iso_TR1850",
    "ScanningSequence": "EP",
    "SequenceVariant": "SK",
    "ScanOptions": "FS",
    "SequenceName": "*epfid2d1_100",
    "ImageType": [
        "ORIGINAL",
        "PRIMARY",
        "M",
        "ND",
        "NORM",
        "MOSAIC"
    ],
    "NonlinearGradientCorrection": false,
    "SeriesNumber": 8,
    "AcquisitionTime": "11:00:6.157500",
    "AcquisitionDateTime": "2025-04-17T11:00:6.157500",
    "AcquisitionNumber": 1,
    "SliceThickness": 2.2,
    "SpacingBetweenSlices": 2.64,
    "SAR": 0.0612031,
    "EchoTime": 0.03,
    "RepetitionTime": 1.85,
    "FlipAngle": 75,
    "PartialFourier": 1,
    "BaseResolution": 100,
    "ShimSetting": [
        -2869,
        5332,
        -1290,
        446,
        -56,
        -280,
        -38,
        101
    ],
    "TxRefAmp": 255.387,
    "PhaseResolution": 1,
    "ReceiveCoilName": "HeadNeck_64",
    "ReceiveCoilActiveElements": "HC1-7",
    "PulseSequenceDetails": "%SiemensSeq%\\ep2d_bold",
    "RefLinesPE": 24,
    "CoilCombinationMethod": "Sum of Squares",
    "ConsistencyInfo": "N4_VE11C_LATEST_20160120",
    "MultibandAccelerationFactor": 2,
    "PercentPhaseFOV": 100,
    "PercentSampling": 100,
    "EchoTrainLength": 49,
    "PhaseEncodingSteps": 99,
    "AcquisitionMatrixPE": 100,
    "ReconMatrixPE": 100,
    "BandwidthPerPixelPhaseEncode": 31.25,
    "ParallelReductionFactorInPlane": 2,
    "EffectiveEchoSpacing": 0.00032,
    "DerivedVendorReportedEchoSpacing": 0.00064,
    "TotalReadoutTime": 0.03168,
    "PixelBandwidth": 1785,
    "DwellTime": 2.8e-06,
    "PhaseEncodingDirection": "j-",
    "SliceTiming": [
        1.7675,
        1.705,
        1.6425,
        1.5775,
        1.515,
        1.4525,
        1.39,
        1.3275,
        1.2625,
        1.2,
        1.1375,
        1.075,
        1.01,
        0.9475,
        0.885,
        0.8225,
        0.7575,
        0.695,
        0.6325,
        0.57,
        0.505,
        0.4425,
        0.38,
        0.3175,
        0.2525,
        0.19,
        0.1275,
        0.065,
        0,
        1.7675,
        1.705,
        1.6425,
        1.5775,
        1.515,
        1.4525,
        1.39,
        1.3275,
        1.2625,
        1.2,
        1.1375,
        1.075,
        1.01,
        0.9475,
        0.885,
        0.8225,
        0.7575,
        0.695,
        0.6325,
        0.57,
        0.505,
        0.4425,
        0.38,
        0.3175,
        0.2525,
        0.19,
        0.1275,
        0.065,
        0
    ],
    "ImageOrientationPatientDICOM": [
        0.998581,
        0.0441213,
        -0.0298044,
        -0.0455199,
        0.99781,
        -0.0480011
    ],
    "ImageOrientationText": "Tra>Cor(-2.8)>Sag(-1.6)",
    "InPlanePhaseEncodingDirectionDICOM": "COL",
    "ConversionSoftware": "dcm2niix",
    "ConversionSoftwareVersion": "v1.0.20220720",
    "FoV": "FoV 1760*1760",
    "Tilt": "Tra>Cor(-2.8)>Sag(-1.6)",
    "PixelSpacing": "[2.2000000476837, 2.2000000476837]",
    "AcquisitionMatrixText": "100*100",
    "SeriesDate": "20250417",
    "SeriesTime": "110049.320000",
    "SeriesDateTime": "2025-04-17T11:00:49.320000",
    "NumberOfVolumesDiscardedByScanner": 3,
    "TaskName": "localizer",
    "NumberOfVolumes": 390,
    "VoxelSize": 10.64800046157822,
    "ScanDurationSeconds": 721.5,
    "NumberOfSlices": 58,
    "ScanDurationMinutes": 12.025,
    "BIDSFile": "sub-113xxxx_task-localizer_bold"
}